GEM
  remote: https://rubygems.org/
  specs:
    benchmark-ips (2.1.1)
    jsondiff (0.0.5)

PLATFORMS
  ruby

DEPENDENCIES
  benchmark-ips (= 2.1.1)
  jsondiff (= 0.0.5)
